PATH
  remote: .
  specs:
    nerve (0.3.0)
      bunny (= 1.0.0.rc2)
      mysql2 (= 0.3.14)
      pg (= 0.17.0)
      zk (~> 1.9.2)

GEM
  remote: https://rubygems.org/
  specs:
    amq-protocol (1.8.0)
    bunny (1.0.0.rc2)
      amq-protocol (>= 1.8.0)
    little-plugger (1.1.3)
    logging (1.7.2)
      little-plugger (>= 1.1.3)
    mysql2 (0.3.14)
    pg (0.17.0)
    zk (1.9.2)
      logging (~> 1.7.2)
      zookeeper (~> 1.4.0)
    zookeeper (1.4.7)

PLATFORMS
  java
  ruby

DEPENDENCIES
  nerve!
